GEM
  remote: https://rubygems.org/
  specs:
    activesupport (4.1.0.rc1)
      i18n (~> 0.6, >= 0.6.9)
      json (~> 1.7, >= 1.7.7)
      minitest (~> 5.1)
      thread_safe (~> 0.1)
      tzinfo (~> 1.1)
    atomic (1.1.15)
    coderay (1.1.0)
    columnize (0.3.6)
    database_cleaner (1.2.0)
    debugger (1.6.6)
      columnize (>= 0.3.1)
      debugger-linecache (~> 1.2.0)
      debugger-ruby_core_source (~> 1.3.2)
    debugger-linecache (1.2.0)
    debugger-ruby_core_source (1.3.2)
    factory_girl (4.4.0)
      activesupport (>= 3.0.0)
    i18n (0.6.9)
    json (1.8.1)
    method_source (0.8.2)
    minitest (5.3.1)
    pry (0.9.12.6)
      coderay (~> 1.0)
      method_source (~> 0.8)
      slop (~> 3.4)
    pry-debugger (0.2.2)
      debugger (~> 1.3)
      pry (~> 0.9.10)
    rake (10.1.1)
    sequel (4.8.0)
    slop (3.5.0)
    sqlite3 (1.3.9)
    thor (0.19.1)
    thread_safe (0.2.0)
      atomic (>= 1.1.7, < 2)
    tzinfo (1.1.0)
      thread_safe (~> 0.1)

PLATFORMS
  ruby

DEPENDENCIES
  activesupport (= 4.1.0.rc1)
  database_cleaner
  factory_girl
  minitest
  pry-debugger
  rake
  sequel
  sqlite3
  thor
